PATH
  remote: .
  specs:
    musical_instruments (0.1.0)
      nokogiri

GEM
  remote: https://rubygems.org/
  specs:
    coderay (1.1.2)
    justify (1.0.2)
    method_source (0.9.2)
    mini_portile2 (2.8.0)
    nokogiri (1.13.4)
      mini_portile2 (~> 2.8.0)
      racc (~> 1.4)
    pry (0.12.2)
      coderay (~> 1.1.0)
      method_source (~> 0.9.0)
    racc (1.6.0)
    rake (10.5.0)
    word_wrap (1.0.0)

PLATFORMS
  ruby

DEPENDENCIES
  bundler (~> 2.0)
  justify
  musical_instruments!
  pry
  rake (~> 10.0)
  word_wrap

BUNDLED WITH
   2.0.1
